GEM
  remote: https://rubygems.org/
  specs:
    kramdown (1.13.2)
    thor (0.19.4)

PLATFORMS
  ruby

DEPENDENCIES
  kramdown
  thor

BUNDLED WITH
   1.14.3
